GEM
  remote: https://rubygems.org/
  specs:
    coderay (1.1.3)
    colorize (0.8.1)
    json (2.5.1)
    linesetter (0.1.0)
    method_source (1.0.0)
    pry (0.14.0)
      coderay (~> 1.1)
      method_source (~> 1.0)
    summary (0.7.3)
    uri (0.10.1)

PLATFORMS
  x86_64-darwin-20

DEPENDENCIES
  colorize
  json
  linesetter
  pry
  summary
  uri

BUNDLED WITH
   2.2.9
